PATH
  remote: .
  specs:
    websocket-client-simple (0.0.6)
      event_emitter
      websocket

GEM
  remote: https://rubygems.org/
  specs:
    em-websocket (0.5.0)
      eventmachine (>= 0.12.9)
      http_parser.rb (~> 0.5.3)
    event_emitter (0.2.5)
    eventmachine (1.0.3)
    http_parser.rb (0.5.3)
    minitest (5.2.2)
    rake (10.1.1)
    websocket (1.1.2)

PLATFORMS
  ruby

DEPENDENCIES
  bundler (~> 1.3)
  em-websocket
  eventmachine
  minitest
  rake
  websocket-client-simple!
